GEM
  remote: https://rubygems.org/
  specs:
    appium_lib (6.0.0)
      awesome_print (~> 1.6, >= 1.6.0)
      json (~> 1.8, >= 1.8.1)
      nokogiri (~> 1.6.3.1)
      selenium-webdriver (~> 2.41, >= 2.41.0)
      toml (~> 0.0, >= 0.0.4)
    awesome_print (1.6.1)
    blankslate (2.1.2.4)
    childprocess (0.5.5)
      ffi (~> 1.0, >= 1.0.11)
    coderay (1.1.0)
    diff-lcs (1.2.5)
    ffi (1.9.8)
    json (1.8.2)
    method_source (0.8.2)
    mini_portile (0.6.0)
    multi_json (1.11.0)
    nokogiri (1.6.3.1)
      mini_portile (= 0.6.0)
    parslet (1.5.0)
      blankslate (~> 2.0)
    pry (0.10.1)
      coderay (~> 1.1.0)
      method_source (~> 0.8.1)
      slop (~> 3.4)
    rake (10.4.2)
    rspec (3.2.0)
      rspec-core (~> 3.2.0)
      rspec-expectations (~> 3.2.0)
      rspec-mocks (~> 3.2.0)
    rspec-core (3.2.2)
      rspec-support (~> 3.2.0)
    rspec-expectations (3.2.0)
      diff-lcs (>= 1.2.0, < 2.0)
      rspec-support (~> 3.2.0)
    rspec-mocks (3.2.1)
      diff-lcs (>= 1.2.0, < 2.0)
      rspec-support (~> 3.2.0)
    rspec-support (3.2.2)
    rubyzip (1.1.7)
    selenium-webdriver (2.45.0)
      childprocess (~> 0.5)
      multi_json (~> 1.0)
      rubyzip (~> 1.0)
      websocket (~> 1.0)
    slop (3.6.0)
    toml (0.1.2)
      parslet (~> 1.5.0)
    websocket (1.2.1)

PLATFORMS
  ruby

DEPENDENCIES
  appium_lib
  pry
  rake
  rspec
